GIT
  remote: https://github.com/Yar-ua/codebreaker21rg
  revision: 321d257c70dfb05bb045f315d3ebd407c25c1713
  branch: dev
  specs:
    codebreaker21rg (0.1.0)
      pry
      rake

GEM
  remote: https://rubygems.org/
  specs:
    coderay (1.1.3)
    concurrent-ruby (1.1.8)
    i18n (1.8.8)
      concurrent-ruby (~> 1.0)
    method_source (1.0.0)
    pry (0.13.1)
      coderay (~> 1.1)
      method_source (~> 1.0)
    rake (13.0.3)

PLATFORMS
  x86_64-linux

DEPENDENCIES
  codebreaker21rg!
  i18n
  pry

BUNDLED WITH
   2.2.5
